GEM
  remote: https://rubygems.org/
  specs:
    json (1.8.2)
    mime-types (1.25.1)
    netrc (0.10.3)
    rest-client (1.7.3)
      mime-types (>= 1.16, < 3.0)
      netrc (~> 0.7)
    right_api_client (1.5.26)
      json (~> 1.0)
      mime-types (~> 1.0)
      rest-client (~> 1.6)
    trollop (2.1.1)

PLATFORMS
  ruby

DEPENDENCIES
  right_api_client (= 1.5.26)
  trollop (~> 2.1)
